GEM
  remote: https://rubygems.org/
  specs:
    minitest (4.7.0)
    minitest-colorize (0.0.5)
      minitest (>= 2.0)
    mocha (1.11.2)
    rake (10.0.4)

PLATFORMS
  ruby

DEPENDENCIES
  minitest (= 4.7.0)
  minitest-colorize
  mocha (= 1.11.2)
  rake
